GEM
  remote: http://rubygems.org/
  specs:
    builder (3.2.2)
    coderay (1.0.9)
    dotenv (0.8.0)
    excon (0.31.0)
    fog (1.19.0)
      builder
      excon (~> 0.31.0)
      formatador (~> 0.2.0)
      mime-types
      multi_json (~> 1.0)
      net-scp (~> 1.1)
      net-ssh (>= 2.1.3)
      nokogiri (~> 1.5)
      ruby-hmac
    formatador (0.2.4)
    method_source (0.8.2)
    mime-types (2.0)
    mini_portile (0.5.2)
    multi_json (1.8.4)
    net-scp (1.1.2)
      net-ssh (>= 2.6.5)
    net-ssh (2.7.0)
    nokogiri (1.6.1)
      mini_portile (~> 0.5.0)
    pry (0.9.12.2)
      coderay (~> 1.0.5)
      method_source (~> 0.8)
      slop (~> 3.4)
    roo (1.13.2)
      nokogiri
      rubyzip
      spreadsheet (> 0.6.4)
    ruby-hmac (0.4.0)
    ruby-ole (1.2.11.7)
    rubyzip (1.1.0)
    s3_uploader (0.0.8)
      fog
    slop (3.4.6)
    spreadsheet (0.9.6)
      ruby-ole (>= 1.0)

PLATFORMS
  ruby

DEPENDENCIES
  dotenv
  pry
  roo (~> 1.13)
  s3_uploader
