GEM
  remote: http://rubygems.org/
  specs:
    coderay (1.0.9)
    method_source (0.8.2)
    mini_portile (0.5.2)
    nokogiri (1.6.1)
      mini_portile (~> 0.5.0)
    pry (0.9.12.2)
      coderay (~> 1.0.5)
      method_source (~> 0.8)
      slop (~> 3.4)
    roo (1.13.2)
      nokogiri
      rubyzip
      spreadsheet (> 0.6.4)
    ruby-ole (1.2.11.7)
    rubyzip (1.1.0)
    slop (3.4.6)
    spreadsheet (0.9.6)
      ruby-ole (>= 1.0)

PLATFORMS
  ruby

DEPENDENCIES
  pry
  roo (~> 1.13)
